PATH
  remote: .
  specs:
    capital_git (0.1.8)
      json
      rugged
      sinatra

GEM
  remote: http://rubygems.org/
  specs:
    byebug (8.2.2)
    json (1.8.3)
    minitest (5.8.4)
    rack (1.6.4)
    rack-protection (1.5.3)
      rack
    rake (10.5.0)
    rugged (0.23.3)
    shotgun (0.9.1)
      rack (>= 1.0)
    sinatra (1.4.7)
      rack (~> 1.5)
      rack-protection (~> 1.4)
      tilt (>= 1.3, < 3)
    tilt (2.0.2)

PLATFORMS
  ruby

DEPENDENCIES
  bundler (~> 1.10)
  byebug
  capital_git!
  minitest
  rake (~> 10.0)
  shotgun

BUNDLED WITH
   1.11.2
