PATH
  remote: .
  specs:
    capital_git (0.1.4)
      json
      rugged
      sinatra

GEM
  remote: http://rubygems.org/
  specs:
    byebug (6.0.2)
    json (1.8.3)
    minitest (5.8.0)
    rack (1.6.4)
    rack-protection (1.5.3)
      rack
    rake (10.4.2)
    rugged (0.23.3)
    shotgun (0.9.1)
      rack (>= 1.0)
    sinatra (1.4.6)
      rack (~> 1.4)
      rack-protection (~> 1.4)
      tilt (>= 1.3, < 3)
    tilt (2.0.1)

PLATFORMS
  ruby

DEPENDENCIES
  bundler (~> 1.10)
  byebug
  capital_git!
  minitest
  rake (~> 10.0)
  shotgun

BUNDLED WITH
   1.10.6
