GIT
  remote: git://github.com/albertsun/rugged.git
  revision: b857b15f829af31d8f34c3bf08e9c516328c0e10
  branch: merge-304
  submodules: true
  specs:
    rugged (0.19.0)

GEM
  remote: http://rubygems.org/
  specs:
    byebug (2.7.0)
      columnize (~> 0.3)
      debugger-linecache (~> 1.2)
    columnize (0.3.6)
    debugger-linecache (1.2.0)
    json (1.8.1)
    kgio (2.9.2)
    rack (1.5.2)
    rack-protection (1.5.2)
      rack
    rainbows (4.6.1)
      kgio (~> 2.5)
      rack (~> 1.1)
      unicorn (~> 4.8)
    raindrops (0.13.0)
    shotgun (0.9)
      rack (>= 1.0)
    sinatra (1.4.4)
      rack (~> 1.4)
      rack-protection (~> 1.4)
      tilt (~> 1.3, >= 1.3.4)
    tilt (1.4.1)
    unicorn (4.8.2)
      kgio (~> 2.6)
      rack
      raindrops (~> 0.7)

PLATFORMS
  ruby

DEPENDENCIES
  byebug
  json
  rainbows
  rugged!
  shotgun
  sinatra
